PATH
  remote: .
  specs:
    mineshaft (0.2.0)

GEM
  remote: https://rubygems.org/
  specs:

PLATFORMS
  ruby

DEPENDENCIES
  mineshaft!

BUNDLED WITH
   1.15.1
