PATH
  remote: .
  specs:
    mineshaft (0.2.0)
      rbzip2 (= 0.3.0)

GEM
  remote: https://rubygems.org/
  specs:
    rbzip2 (0.3.0)

PLATFORMS
  ruby

DEPENDENCIES
  mineshaft!

BUNDLED WITH
   1.15.1
